GEM
  remote: https://rubygems.org/
  specs:
    dotenv (2.2.1)
    et-orbi (1.0.9)
      tzinfo
    httpclient (2.8.3)
    mini_portile2 (2.3.0)
    mysql2 (0.4.10)
    nokogiri (1.8.1)
      mini_portile2 (~> 2.3.0)
    parallel (1.12.1)
    redis (4.0.1)
    rufus-scheduler (3.4.2)
      et-orbi (~> 1.0)
    thread_safe (0.3.6)
    tzinfo (1.2.4)
      thread_safe (~> 0.1)

PLATFORMS
  ruby

DEPENDENCIES
  dotenv (~> 2.2)
  httpclient (~> 2.8)
  mysql2 (~> 0.4.10)
  nokogiri (~> 1.8)
  parallel (~> 1.12)
  redis (~> 4.0)
  rufus-scheduler (~> 3.4)

BUNDLED WITH
   1.16.1
